GEM
  remote: https://rubygems.org/
  specs:
    thread_safe (0.3.6)
    tzinfo (1.2.8)
      thread_safe (~> 0.1)
    tzinfo-data (1.2021.5)
      tzinfo (>= 1.0.0)
    webrick (1.7.0)

PLATFORMS
  ruby
  x64-mingw32
  x86_64-darwin-20

DEPENDENCIES
  tzinfo-data
  webrick

BUNDLED WITH
   2.2.29
